GEM
  remote: https://rubygems.org/
  specs:
    appium_console (2.6.0)
      appium_lib (~> 9, >= 9.6)
      bond (~> 0.5)
      pry (~> 0.10)
      spec (~> 5.3, >= 5.3.1)
      thor (~> 0.19)
    appium_lib (9.18.0)
      appium_lib_core (~> 2.3)
      nokogiri (~> 1.8, >= 1.8.1)
      tomlrb (~> 1.1)
    appium_lib_core (2.3.4)
      faye-websocket (~> 0.10.0)
      selenium-webdriver (~> 3.14, >= 3.14.1)
    aws-eventstream (1.0.3)
    aws-partitions (1.289.0)
    aws-sdk-core (3.92.0)
      aws-eventstream (~> 1.0, >= 1.0.2)
      aws-partitions (~> 1, >= 1.239.0)
      aws-sigv4 (~> 1.1)
      jmespath (~> 1.0)
    aws-sdk-dynamodb (1.45.0)
      aws-sdk-core (~> 3, >= 3.71.0)
      aws-sigv4 (~> 1.1)
    aws-sigv4 (1.1.1)
      aws-eventstream (~> 1.0, >= 1.0.2)
    backports (3.17.0)
    bond (0.5.1)
    builder (3.2.4)
    childprocess (3.0.0)
    chronic_duration (0.10.6)
      numerizer (~> 0.1.1)
    clipboard (1.3.4)
    coderay (1.1.2)
    concurrent-ruby (1.1.6)
    cpf_faker (1.3.0)
      clipboard
    cucumber (3.1.2)
      builder (>= 2.1.2)
      cucumber-core (~> 3.2.0)
      cucumber-expressions (~> 6.0.1)
      cucumber-wire (~> 0.0.1)
      diff-lcs (~> 1.3)
      gherkin (~> 5.1.0)
      multi_json (>= 1.7.5, < 2.0)
      multi_test (>= 0.1.2)
    cucumber-core (3.2.1)
      backports (>= 3.8.0)
      cucumber-tag_expressions (~> 1.1.0)
      gherkin (~> 5.0)
    cucumber-expressions (6.0.1)
    cucumber-tag_expressions (1.1.1)
    cucumber-wire (0.0.1)
    diff-lcs (1.3)
    eventmachine (1.2.7-x64-mingw32)
    faker (2.11.0)
      i18n (>= 1.6, < 2)
    faye-websocket (0.10.9)
      eventmachine (>= 0.12.0)
      websocket-driver (>= 0.5.1)
    ffaker (2.14.0)
    gherkin (5.1.0)
    i18n (1.8.2)
      concurrent-ruby (~> 1.0)
    jmespath (1.4.0)
    method_source (1.0.0)
    mini_portile2 (2.4.0)
    multi_json (1.14.1)
    multi_test (0.1.2)
    nokogiri (1.10.9-x64-mingw32)
      mini_portile2 (~> 2.4.0)
    numerizer (0.1.1)
    pry (0.13.0)
      coderay (~> 1.1)
      method_source (~> 1.0)
    rake (13.0.1)
    rspec (3.9.0)
      rspec-core (~> 3.9.0)
      rspec-expectations (~> 3.9.0)
      rspec-mocks (~> 3.9.0)
    rspec-core (3.9.1)
      rspec-support (~> 3.9.1)
    rspec-expectations (3.9.1)
      diff-lcs (>= 1.2.0, < 2.0)
      rspec-support (~> 3.9.0)
    rspec-mocks (3.9.1)
      diff-lcs (>= 1.2.0, < 2.0)
      rspec-support (~> 3.9.0)
    rspec-support (3.9.2)
    rubyzip (2.3.0)
    selenium-webdriver (3.142.7)
      childprocess (>= 0.5, < 4.0)
      rubyzip (>= 1.2.2)
    spec (5.3.4)
      chronic_duration (~> 0.10.2)
    thor (0.20.3)
    tomlrb (1.3.0)
    websocket-driver (0.7.1)
      websocket-extensions (>= 0.1.0)
    websocket-extensions (0.1.4)

PLATFORMS
  x64-mingw32

DEPENDENCIES
  appium_console
  appium_lib
  aws-sdk-dynamodb
  cpf_faker
  cucumber
  faker
  ffaker
  pry
  rake
  rspec (~> 3.9.0)

BUNDLED WITH
   2.1.4
